GEM
  remote: https://rubygems.org/
  specs:
    csv (3.3.1)
    faraday (2.12.2)
      faraday-net_http (>= 2.0, < 3.5)
      json
      logger
    faraday-net_http (3.4.0)
      net-http (>= 0.5.0)
    json (2.9.0)
    logger (1.6.3)
    net-http (0.6.0)
      uri
    uri (1.0.2)

PLATFORMS
  arm64-darwin-24
  ruby

DEPENDENCIES
  csv (~> 3.3)
  faraday (~> 2.12)

BUNDLED WITH
   2.5.23
